PATH
  remote: .
  specs:
    vulcan (0.8.1)
      heroku (>= 2.26.0, < 3.0)
      multipart-post (~> 1.2.0)
      rest-client (~> 1.6.7)
      thor (~> 0.14.6)

GEM
  remote: http://rubygems.org/
  specs:
    addressable (2.3.4)
    excon (0.20.1)
    heroku (2.39.2)
      heroku-api (~> 0.3.7)
      launchy (>= 0.3.2)
      netrc (~> 0.7.7)
      rest-client (~> 1.6.1)
      rubyzip
    heroku-api (0.3.9)
      excon (~> 0.20.1)
    launchy (2.3.0)
      addressable (~> 2.3)
    mime-types (1.23)
    multipart-post (1.2.0)
    netrc (0.7.7)
    rest-client (1.6.7)
      mime-types (>= 1.16)
    rubyzip (0.9.9)
    thor (0.14.6)

PLATFORMS
  ruby

DEPENDENCIES
  vulcan!
